GEM
  remote: https://rubygems.org/
  specs:
    blankslate (3.1.3)
    parslet (1.7.1)
      blankslate (>= 2.0, <= 4.0)
    thor (0.19.1)
    vim-flavor (2.2.1)
      parslet (~> 1.7)
      thor (~> 0.19)

PLATFORMS
  ruby

DEPENDENCIES
  vim-flavor

BUNDLED WITH
   1.11.2
